GEM
  remote: https://rubygems.org/
  specs:
    clap (1.0.0)
    cuba (3.5.0)
      rack (~> 1.6.0)
    cutest (1.2.3)
      clap
    daemons (1.2.3)
    envoker (2.0.0)
    eventmachine (1.0.9.1)
    faye-websocket (0.10.3)
      eventmachine (>= 0.12.0)
      websocket-driver (>= 0.5.1)
    haml (4.0.7)
      tilt
    ment (0.2.0)
    rack (1.6.4)
    shotgun (0.9.1)
      rack (>= 1.0)
    thin (1.6.4)
      daemons (~> 1.0, >= 1.0.9)
      eventmachine (~> 1.0, >= 1.0.4)
      rack (~> 1.0)
    tilt (2.0.2)
    websocket-driver (0.6.3)
      websocket-extensions (>= 0.1.0)
    websocket-extensions (0.1.2)

PLATFORMS
  x86-mingw32

DEPENDENCIES
  cuba
  cutest
  envoker
  faye-websocket
  haml
  ment
  shotgun
  thin
  tilt

BUNDLED WITH
   1.11.2
